PATH
  remote: ../htmlgrid
  specs:
    htmlgrid (1.1.2)
      sbsm (>= 1.2.7)

PATH
  remote: ../sbsm
  specs:
    sbsm (1.3.1)
      chrono_logger
      hpricot
      mail
      rack

GEM
  remote: https://rubygems.org/
  specs:
    byebug (9.0.6)
    childprocess (0.5.9)
      ffi (~> 1.0, >= 1.0.11)
    chrono_logger (1.1.1)
    coderay (1.1.1)
    commonwatir (4.0.0)
    data_magic (0.22)
      faker (>= 1.1.2)
      yml_reader (>= 0.6)
    diff-lcs (1.2.5)
    faker (1.6.6)
      i18n (~> 0.5)
    ffi (1.9.14)
    flexmock (2.3.2)
    foreman (0.82.0)
      thor (~> 0.19.1)
    hpricot (0.8.6)
    i18n (0.7.0)
    mail (2.6.4)
      mime-types (>= 1.16, < 4)
    method_source (0.8.2)
    mime-types (3.1)
      mime-types-data (~> 3.2015)
    mime-types-data (3.2016.0521)
    mini_portile2 (2.1.0)
    minitest (5.9.0)
    nokogiri (1.6.8.1)
      mini_portile2 (~> 2.1.0)
    page-object (1.2.0)
      page_navigation (>= 0.9)
      selenium-webdriver (>= 2.44.0)
      watir-webdriver (>= 0.6.11)
    page_navigation (0.10)
      data_magic (>= 0.22)
    passenger (5.0.30)
      rack
      rake (>= 0.8.1)
    pry (0.10.4)
      coderay (~> 1.1.0)
      method_source (~> 0.8.1)
      slop (~> 3.4)
    pry-byebug (3.4.0)
      byebug (~> 9.0)
      pry (~> 0.10)
    rack (2.0.1)
    rack-test (0.6.3)
      rack (>= 1.0)
    rake (11.2.2)
    rclconf (1.0.0)
    rspec (3.5.0)
      rspec-core (~> 3.5.0)
      rspec-expectations (~> 3.5.0)
      rspec-mocks (~> 3.5.0)
    rspec-core (3.5.4)
      rspec-support (~> 3.5.0)
    rspec-expectations (3.5.0)
      diff-lcs (>= 1.2.0, < 2.0)
      rspec-support (~> 3.5.0)
    rspec-mocks (3.5.0)
      diff-lcs (>= 1.2.0, < 2.0)
      rspec-support (~> 3.5.0)
    rspec-support (3.5.0)
    rubyzip (1.2.0)
    selenium-webdriver (2.53.4)
      childprocess (~> 0.5)
      rubyzip (~> 1.0)
      websocket (~> 1.0)
    slop (3.6.0)
    thor (0.19.1)
    watir (5.0.0)
      commonwatir (~> 4)
      watir-webdriver
    watir-webdriver (0.9.3)
      selenium-webdriver (>= 2.46.2)
    websocket (1.2.3)
    yml_reader (0.7)

PLATFORMS
  ruby

DEPENDENCIES
  flexmock
  foreman
  htmlgrid!
  minitest
  nokogiri
  page-object
  passenger (>= 5.0.25)
  pry-byebug
  rack-test
  rake (~> 11.2)
  rclconf (= 1.0.0)
  rspec
  sbsm!
  watir

BUNDLED WITH
   1.13.6
